GEM
  specs:
    ansi (1.4.3)
    builder (3.0.3)
    cucumber (1.2.1)
      builder (>= 2.1.2)
      diff-lcs (>= 1.1.3)
      gherkin (~> 2.11.0)
      json (>= 1.4.6)
    diff-lcs (1.1.3)
    gherkin (2.11.2)
      json (>= 1.4.6)
    hashie (1.2.0)
    json (1.7.5)
    minitest (3.5.0)
    minitest-reporters (0.11.0)
      ansi
      builder
      minitest (>= 2.12, < 4.0)
      powerbar
    powerbar (1.0.9)
      ansi (~> 1.4.0)
      hashie (>= 1.1.0)

PLATFORMS
  ruby

DEPENDENCIES
  cucumber
  minitest
  minitest-reporters
