GEM
  specs:
    builder (3.0.3)
    cucumber (1.2.1)
      builder (>= 2.1.2)
      diff-lcs (>= 1.1.3)
      gherkin (~> 2.11.0)
      json (>= 1.4.6)
    diff-lcs (1.1.3)
    gherkin (2.11.2)
      json (>= 1.4.6)
    json (1.7.5)

PLATFORMS
  ruby

DEPENDENCIES
  cucumber
